GEM
  remote: https://rubygems.org/
  specs:
    connection_pool (2.2.3)
    iodine (0.7.43)
    rack (2.2.3)
    redis (4.2.5)

PLATFORMS
  ruby

DEPENDENCIES
  connection_pool
  iodine
  rack
  redis

BUNDLED WITH
   2.2.4
