GEM
  remote: https://rubygems.org/
  specs:
    connection_pool (2.2.3)
    iodine (0.7.40)
    rack (2.2.3)
    redis (4.2.1)

PLATFORMS
  ruby

DEPENDENCIES
  connection_pool
  iodine
  rack
  redis

BUNDLED WITH
   2.1.4
